GEM
  remote: https://rubygems.org/
  specs:
    daemons (1.4.1)
    dotenv (2.7.6)
    eventmachine (1.2.7)
    multi_json (1.15.0)
    mustermann (1.1.1)
      ruby2_keywords (~> 0.0.1)
    pg (1.2.3)
    rack (2.2.3)
    rack-protection (2.1.0)
      rack
    ruby2_keywords (0.0.5)
    sinatra (2.1.0)
      mustermann (~> 1.0)
      rack (~> 2.2)
      rack-protection (= 2.1.0)
      tilt (~> 2.0)
    sinatra-contrib (2.1.0)
      multi_json
      mustermann (~> 1.0)
      rack-protection (= 2.1.0)
      sinatra (= 2.1.0)
      tilt (~> 2.0)
    thin (1.8.1)
      daemons (~> 1.0, >= 1.0.9)
      eventmachine (~> 1.0, >= 1.0.4)
      rack (>= 1, < 3)
    tilt (2.0.10)

PLATFORMS
  aarch64-linux-musl
  arm64-darwin-20
  x86_64-linux-musl

DEPENDENCIES
  dotenv (~> 2.7, >= 2.7.6)
  pg (~> 1.2, >= 1.2.3)
  sinatra (~> 2.1)
  sinatra-contrib (~> 2.1)
  thin (~> 1.8, >= 1.8.1)

BUNDLED WITH
   2.2.21
